GEM
  remote: https://rubygems.org/
  specs:
    coderay (1.0.9)
    hike (1.2.3)
    json (1.8.0)
    method_source (0.8.1)
    multi_json (1.7.7)
    opal (0.4.1)
      source_map
    opal-jquery (0.0.10)
      opal (>= 0.3.43)
    opal-sprockets (0.1.0)
      opal (~> 0.4.0)
      sprockets
    pry (0.9.12.2)
      coderay (~> 1.0.5)
      method_source (~> 0.8)
      slop (~> 3.4)
    rack (1.5.2)
    sass (3.2.9)
    slop (3.4.5)
    source_map (3.0.1)
      json
    sprockets (2.10.0)
      hike (~> 1.2)
      multi_json (~> 1.0)
      rack (~> 1.0)
      tilt (~> 1.1, != 1.3.0)
    tilt (1.4.1)

PLATFORMS
  ruby

DEPENDENCIES
  opal
  opal-jquery
  opal-sprockets
  pry
  rack
  sass
